GEM
  remote: https://rubygems.org/
  specs:
    google-protobuf (3.21.12)

PLATFORMS
  ruby

DEPENDENCIES
  google-protobuf

BUNDLED WITH
   2.3.22
